GEM
  remote: https://rubygems.org/
  specs:
    mini_portile (0.5.0)
    mustermann (1.1.2)
      ruby2_keywords (~> 0.0.1)
    nokogiri (1.6.0)
      mini_portile (~> 0.5.0)
    rack (2.2.4)
    rack-protection (2.2.0)
      rack
    ruby2_keywords (0.0.5)
    sinatra (2.2.0)
      mustermann (~> 1.0)
      rack (~> 2.2)
      rack-protection (= 2.2.0)
      tilt (~> 2.0)
    tilt (2.0.11)

PLATFORMS
  ruby

DEPENDENCIES
  nokogiri
  sinatra
